GEM
  remote: http://rubygems.org/
  specs:
    rack (1.6.13)
    rack-protection (1.5.3)
      rack
    sass (3.4.22)
    sinatra (1.4.7)
      rack (~> 1.5)
      rack-protection (~> 1.4)
      tilt (>= 1.3, < 3)
    sinatra-param (1.4.0)
      sinatra (~> 1.3)
    tilt (2.0.5)

PLATFORMS
  ruby

DEPENDENCIES
  sass
  sinatra
  sinatra-param

BUNDLED WITH
   1.12.4
